GEM
  remote: https://rubygems.org/
  specs:
    actionmailer (3.2.10)
      actionpack (= 3.2.10)
      mail (~> 2.4.4)
    actionpack (3.2.10)
      activemodel (= 3.2.10)
      activesupport (= 3.2.10)
      builder (~> 3.0.0)
      erubis (~> 2.7.0)
      journey (~> 1.0.4)
      rack (~> 1.4.0)
      rack-cache (~> 1.2)
      rack-test (~> 0.6.1)
      sprockets (~> 2.2.1)
    activemodel (3.2.10)
      activesupport (= 3.2.10)
      builder (~> 3.0.0)
    activerecord (3.2.10)
      activemodel (= 3.2.10)
      activesupport (= 3.2.10)
      arel (~> 3.0.2)
      tzinfo (~> 0.3.29)
    activeresource (3.2.10)
      activemodel (= 3.2.10)
      activesupport (= 3.2.10)
    activesupport (3.2.10)
      i18n (~> 0.6)
      multi_json (~> 1.0)
    addressable (2.3.2)
    arel (3.0.2)
    awesome_print (1.1.0)
    bcrypt-ruby (3.0.1)
    bootstrap-sass (2.2.1.1)
      sass (~> 3.2)
    bourne (1.1.2)
      mocha (= 0.10.5)
    builder (3.0.4)
    capybara (2.0.1)
      mime-types (>= 1.16)
      nokogiri (>= 1.3.3)
      rack (>= 1.0.0)
      rack-test (>= 0.5.4)
      selenium-webdriver (~> 2.0)
      xpath (~> 1.0.0)
    childprocess (0.3.6)
      ffi (~> 1.0, >= 1.0.6)
    coderay (1.0.8)
    coffee-rails (3.2.2)
      coffee-script (>= 2.2.0)
      railties (~> 3.2.0)
    coffee-script (2.2.0)
      coffee-script-source
      execjs
    coffee-script-source (1.4.0)
    daemons (1.1.9)
    devise (2.1.2)
      bcrypt-ruby (~> 3.0)
      orm_adapter (~> 0.1)
      railties (~> 3.1)
      warden (~> 1.2.1)
    diff-lcs (1.1.3)
    draper (0.18.0)
      actionpack (~> 3.2)
      activesupport (~> 3.2)
    enumerate_it (1.0.1)
      activesupport (>= 3.0.0)
    erubis (2.7.0)
    eventmachine (1.0.0)
    execjs (1.4.0)
      multi_json (~> 1.0)
    factory_girl (4.1.0)
      activesupport (>= 3.0.0)
    factory_girl-preload (2.0.2)
      factory_girl (>= 3.0)
    ffi (1.2.0)
    font-awesome-sass-rails (2.0.0.0)
      railties (>= 3.1.1)
      sass-rails (>= 3.1.1)
    foreigner (1.2.1)
      activerecord (>= 3.0.0)
    gravatar_image_tag (1.1.3)
    haml (3.1.7)
    hike (1.2.1)
    i18n (0.6.1)
    journey (1.0.4)
    jquery-rails (2.1.4)
      railties (>= 3.0, < 5.0)
      thor (>= 0.14, < 2.0)
    jquery-ui-rails (2.0.2)
      jquery-rails
      railties (>= 3.1.0)
    json (1.7.6)
    kaminari (0.14.1)
      actionpack (>= 3.0.0)
      activesupport (>= 3.0.0)
    kgio (2.7.4)
    libwebsocket (0.1.7.1)
      addressable
      websocket
    mail (2.4.4)
      i18n (>= 0.4.0)
      mime-types (~> 1.16)
      treetop (~> 1.4.8)
    metaclass (0.0.1)
    method_source (0.8.1)
    mime-types (1.19)
    mocha (0.10.5)
      metaclass (~> 0.0.1)
    multi_json (1.5.0)
    nested_form (0.3.1)
    nokogiri (1.5.5)
    orm_adapter (0.4.0)
    pg (0.14.1)
    polyglot (0.3.3)
    pry (0.9.10)
      coderay (~> 1.0.5)
      method_source (~> 0.8)
      slop (~> 3.3.1)
    pry-rails (0.2.2)
      pry (>= 0.9.10)
    rack (1.4.1)
    rack-cache (1.2)
      rack (>= 0.4)
    rack-pjax (0.6.0)
      nokogiri (~> 1.5)
      rack (~> 1.3)
    rack-ssl (1.3.2)
      rack
    rack-test (0.6.2)
      rack (>= 1.0)
    rails (3.2.10)
      actionmailer (= 3.2.10)
      actionpack (= 3.2.10)
      activerecord (= 3.2.10)
      activeresource (= 3.2.10)
      activesupport (= 3.2.10)
      bundler (~> 1.0)
      railties (= 3.2.10)
    rails_admin (0.3.0)
      bootstrap-sass (~> 2.1)
      builder (~> 3.0)
      coffee-rails (~> 3.1)
      font-awesome-sass-rails (~> 2.0)
      haml (~> 3.1)
      jquery-rails (~> 2.1)
      jquery-ui-rails (~> 2.0)
      kaminari (~> 0.14)
      nested_form (> 0.2.3, < 0.4.0)
      rack-pjax (~> 0.6)
      rails (~> 3.1)
      remotipart (~> 1.0)
      sass-rails (~> 3.1)
    railties (3.2.10)
      actionpack (= 3.2.10)
      activesupport (= 3.2.10)
      rack-ssl (~> 1.3.2)
      rake (>= 0.8.7)
      rdoc (~> 3.4)
      thor (>= 0.14.6, < 2.0)
    raindrops (0.10.0)
    rake (10.0.3)
    rdoc (3.12)
      json (~> 1.4)
    remotipart (1.0.2)
    rspec-core (2.12.1)
    rspec-expectations (2.12.0)
      diff-lcs (~> 1.1.3)
    rspec-mocks (2.12.0)
    rspec-rails (2.12.0)
      actionpack (>= 3.0)
      activesupport (>= 3.0)
      railties (>= 3.0)
      rspec-core (~> 2.12.0)
      rspec-expectations (~> 2.12.0)
      rspec-mocks (~> 2.12.0)
    rubyzip (0.9.9)
    sass (3.2.3)
    sass-rails (3.2.5)
      railties (~> 3.2.0)
      sass (>= 3.1.10)
      tilt (~> 1.3)
    selenium-webdriver (2.26.0)
      childprocess (>= 0.2.5)
      libwebsocket (~> 0.1.3)
      multi_json (~> 1.0)
      rubyzip
    sextant (0.1.3)
      activesupport (>= 3.2)
      rails (>= 3.2)
    shoulda-matchers (1.4.2)
      activesupport (>= 3.0.0)
      bourne (~> 1.1.2)
    slop (3.3.3)
    sprockets (2.2.2)
      hike (~> 1.2)
      multi_json (~> 1.0)
      rack (~> 1.0)
      tilt (~> 1.1, != 1.3.0)
    thin (1.5.0)
      daemons (>= 1.0.9)
      eventmachine (>= 0.12.6)
      rack (>= 1.0.0)
    thor (0.16.0)
    tilt (1.3.3)
    treetop (1.4.12)
      polyglot
      polyglot (>= 0.3.1)
    tzinfo (0.3.35)
    uglifier (1.3.0)
      execjs (>= 0.3.0)
      multi_json (~> 1.0, >= 1.0.2)
    unicorn (4.4.0)
      kgio (~> 2.6)
      rack
      raindrops (~> 0.7)
    validators (1.0.0)
    warden (1.2.1)
      rack (>= 1.0)
    websocket (1.0.4)
    xpath (1.0.0)
      nokogiri (~> 1.3)

PLATFORMS
  ruby

DEPENDENCIES
  awesome_print
  capybara
  devise
  draper
  enumerate_it
  factory_girl
  factory_girl-preload
  foreigner
  gravatar_image_tag
  pg
  pry-rails
  rails (= 3.2.10)
  rails_admin
  rspec-rails
  sass-rails (~> 3.2.3)
  sextant
  shoulda-matchers
  thin
  uglifier (>= 1.0.3)
  unicorn
  validators
